GIT
  remote: git://github.com/dblommesteijn/trans-api.git
  revision: 2b1c19db313fe58b5eeaabc8c46155a502260f45
  specs:
    trans-api (0.0.6)
      json (> 1.6.1)
      nokogiri (> 1.5.0)

GEM
  remote: http://rubygems.org/
  specs:
    faraday (0.9.2)
      multipart-post (>= 1.2, < 3)
    json (2.0.2)
    jwt (1.5.4)
    mini_portile2 (2.1.0)
    multi_json (1.12.1)
    multi_xml (0.5.5)
    multipart-post (2.0.0)
    mysql2 (0.4.4)
    nokogiri (1.6.8)
      mini_portile2 (~> 2.1.0)
      pkg-config (~> 1.1.7)
    oauth2 (1.2.0)
      faraday (>= 0.8, < 0.10)
      jwt (~> 1.0)
      multi_json (~> 1.3)
      multi_xml (~> 0.5)
      rack (>= 1.2, < 3)
    open_uri_redirections (0.2.1)
    pkg-config (1.1.7)
    rack (1.6.4)
    rack-protection (1.5.3)
      rack
    sinatra (1.4.7)
      rack (~> 1.5)
      rack-protection (~> 1.4)
      tilt (>= 1.3, < 3)
    tilt (2.0.5)

PLATFORMS
  ruby

DEPENDENCIES
  jwt (= 1.5.4)
  mysql2 (~> 0.4.4)
  nokogiri (= 1.6.8)
  oauth2
  open_uri_redirections
  sinatra
  trans-api!

RUBY VERSION
   ruby 2.2.3p173

BUNDLED WITH
   1.13.3
